GEM
  remote: https://rubygems.org/
  specs:
    backports (2.7.1)
    monkey-lib (0.5.4)
      backports
    rack (1.5.2)
    rack-protection (1.3.2)
      rack
    rack-test (0.6.2)
      rack (>= 1.0)
    rake (10.0.3)
    redcarpet (2.2.2)
    sinatra (1.3.3)
      rack (~> 1.3, >= 1.3.6)
      rack-protection (~> 1.2)
      tilt (~> 1.3, >= 1.3.3)
    sinatra-advanced-routes (0.5.1)
      monkey-lib (~> 0.5.0)
      sinatra (~> 1.0)
      sinatra-sugar (~> 0.5.0)
    sinatra-static (0.1.1)
      rack
      rack-test
      sinatra
      sinatra-advanced-routes
      term-ansicolor
    sinatra-sugar (0.5.1)
      monkey-lib (~> 0.5.0)
      sinatra (~> 1.0)
    term-ansicolor (1.0.7)
    tilt (1.3.3)

PLATFORMS
  ruby

DEPENDENCIES
  rake
  redcarpet (= 2.2.2)
  sinatra (= 1.3.3)
  sinatra-static (= 0.1.1)
